GEM
  remote: https://rubygems.org/
  specs:
    mini_portile2 (2.4.0)
    mustache (1.1.1)
    nokogiri (1.10.10)
      mini_portile2 (~> 2.4.0)
    unicode_utils (1.4.0)

PLATFORMS
  ruby

DEPENDENCIES
  mustache
  nokogiri
  unicode_utils

BUNDLED WITH
   1.17.3
