GEM
  remote: https://rubygems.org/
  specs:
    mini_portile2 (2.3.0)
    mustache (1.0.5)
    nokogiri (1.8.2)
      mini_portile2 (~> 2.3.0)
    unicode_utils (1.4.0)

PLATFORMS
  ruby

DEPENDENCIES
  mustache
  nokogiri
  unicode_utils

BUNDLED WITH
   1.16.0
